PATH
  remote: .
  specs:
    ebx (0.0.1)
      aws-sdk (~> 1.17.0)
      commander (~> 4.1.5)

GEM
  remote: https://rubygems.org/
  specs:
    aws-sdk (1.17.0)
      json (~> 1.4)
      nokogiri (< 1.6.0)
      uuidtools (~> 2.1)
    commander (4.1.5)
      highline (~> 1.6.11)
    highline (1.6.19)
    json (1.8.0)
    nokogiri (1.5.10)
    rake (10.1.0)
    uuidtools (2.1.4)

PLATFORMS
  ruby

DEPENDENCIES
  bundler (~> 1.3)
  ebx!
  rake
