PATH
  remote: .
  specs:
    ebx (0.0.2)
      aws-sdk (~> 1.17.0)
      commander (~> 4.1.5)
      pry (> 0)
      rainbow (~> 1.1.4)
      rubyzip (~> 1.0.0)

GEM
  remote: https://rubygems.org/
  specs:
    addressable (2.3.5)
    aws-sdk (1.17.0)
      json (~> 1.4)
      nokogiri (< 1.6.0)
      uuidtools (~> 2.1)
    coderay (1.0.9)
    commander (4.1.5)
      highline (~> 1.6.11)
    crack (0.4.1)
      safe_yaml (~> 0.9.0)
    diff-lcs (1.2.4)
    highline (1.6.19)
    json (1.8.0)
    method_source (0.8.2)
    nokogiri (1.5.10)
    pry (0.9.12.2)
      coderay (~> 1.0.5)
      method_source (~> 0.8)
      slop (~> 3.4)
    rainbow (1.1.4)
    rake (10.1.0)
    rspec (2.14.1)
      rspec-core (~> 2.14.0)
      rspec-expectations (~> 2.14.0)
      rspec-mocks (~> 2.14.0)
    rspec-core (2.14.6)
    rspec-expectations (2.14.3)
      diff-lcs (>= 1.1.3, < 2.0)
    rspec-mocks (2.14.4)
    rubyzip (1.0.0)
    safe_yaml (0.9.7)
    slop (3.4.6)
    uuidtools (2.1.4)
    vcr (2.6.0)
    webmock (1.15.0)
      addressable (>= 2.2.7)
      crack (>= 0.3.2)

PLATFORMS
  ruby

DEPENDENCIES
  bundler (~> 1.3)
  ebx!
  rake
  rspec
  vcr
  webmock
